GEM
  remote: https://rubygems.org/
  specs:
    adsf (1.2.1)
      rack (>= 1.0.0)
    coffee-script (2.4.1)
      coffee-script-source
      execjs
    coffee-script-source (1.10.0)
    colored (1.2)
    cri (2.7.0)
      colored (~> 1.2)
    execjs (2.6.0)
    kramdown (1.11.1)
    mini_portile2 (2.0.0)
    nanoc (4.1.6)
      cri (~> 2.3)
    nokogiri (1.6.7.1)
      mini_portile2 (~> 2.0.0.rc2)
    rack (1.6.4)
    rubypants (0.2.0)
    sass (3.4.20)
    slim (3.0.6)
      temple (~> 0.7.3)
      tilt (>= 1.3.3, < 2.1)
    temple (0.7.6)
    tilt (2.0.1)
    yuicompressor (1.3.3)

PLATFORMS
  ruby

DEPENDENCIES
  adsf!
  coffee-script!
  kramdown!
  nanoc!
  nokogiri!
  rubypants!
  sass!
  slim!
  yuicompressor!

BUNDLED WITH
   1.11.2
